GEM
  remote: https://gems.ruby-china.com/
  specs:
    http_parser.rb (0.5.3)

PLATFORMS
  ruby

DEPENDENCIES
  http_parser.rb (~> 0.5.3)

BUNDLED WITH
   1.16.4
